PATH
  remote: .
  specs:
    volatile_hash (0.0.4)

GEM
  remote: http://rubygems.org/
  specs:
    diff-lcs (1.1.3)
    rake (12.3.3)
    rr (1.0.4)
    rspec (2.8.0)
      rspec-core (~> 2.8.0)
      rspec-expectations (~> 2.8.0)
      rspec-mocks (~> 2.8.0)
    rspec-core (2.8.0)
    rspec-expectations (2.8.0)
      diff-lcs (~> 1.1.2)
    rspec-mocks (2.8.0)

PLATFORMS
  ruby

DEPENDENCIES
  rake (~> 12.3.3)
  rr (~> 1.0.4)
  rspec (~> 2.8.0)
  volatile_hash!
